GEM
  remote: https://rubygems.org/
  specs:
    concurrent-ruby (1.0.4)
    faraday (0.10.1)
      multipart-post (>= 1.2, < 3)
    multipart-post (2.0.0)
    rack (1.6.5)
    rack-protection (1.5.3)
      rack
    sinatra (1.4.7)
      rack (~> 1.5)
      rack-protection (~> 1.4)
      tilt (>= 1.3, < 3)
    sucker_punch (2.0.2)
      concurrent-ruby (~> 1.0.0)
    tilt (2.0.5)

PLATFORMS
  ruby

DEPENDENCIES
  faraday
  sinatra
  sucker_punch (~> 2.0)

BUNDLED WITH
   1.13.7
